PATH
  remote: .
  specs:
    spf (0.1.1)
      ruby-ip (~> 0.9.1)

GEM
  remote: http://rubygems.org/
  specs:
    diff-lcs (1.5.0)
    docile (1.4.0)
    rake (13.0.6)
    rdoc (6.3.3)
    rspec (3.10.0)
      rspec-core (~> 3.10.0)
      rspec-expectations (~> 3.10.0)
      rspec-mocks (~> 3.10.0)
    rspec-core (3.10.1)
      rspec-support (~> 3.10.0)
    rspec-expectations (3.10.1)
      diff-lcs (>= 1.2.0, < 2.0)
      rspec-support (~> 3.10.0)
    rspec-mocks (3.10.2)
      diff-lcs (>= 1.2.0, < 2.0)
      rspec-support (~> 3.10.0)
    rspec-support (3.10.3)
    ruby-ip (0.9.3)
    simplecov (0.21.2)
      docile (~> 1.1)
      simplecov-html (~> 0.11)
      simplecov_json_formatter (~> 0.1)
    simplecov-html (0.12.3)
    simplecov_json_formatter (0.1.3)

PLATFORMS
  ruby

DEPENDENCIES
  bundler (>= 2.4.13)
  rake (>= 10)
  rdoc (>= 6.3.0)
  rspec (~> 3.10)
  simplecov
  spf!

BUNDLED WITH
   2.4.13
